GIT
  remote: https://github.com/stympy/faker
  revision: f8e1b81f8da82ea9eb88c4939a3a6801f97e5ac1
  specs:
    faker (1.8.7)
      i18n (>= 0.7)

GEM
  remote: https://rubygems.org/
  specs:
    concurrent-ruby (1.0.5)
    i18n (1.0.1)
      concurrent-ruby (~> 1.0)
    openssl (2.1.0)

PLATFORMS
  ruby

DEPENDENCIES
  faker!
  openssl

BUNDLED WITH
   1.16.1
